GEM
  remote: http://rubygems.org/
  specs:
    ZenTest (4.5.0)
    activemodel (3.0.9)
      activesupport (= 3.0.9)
      builder (~> 2.1.2)
      i18n (~> 0.5.0)
    activerecord (3.0.9)
      activemodel (= 3.0.9)
      activesupport (= 3.0.9)
      arel (~> 2.0.10)
      tzinfo (~> 0.3.23)
    activesupport (3.0.9)
    arel (2.0.10)
    autotest (4.4.6)
      ZenTest (>= 4.4.1)
    autotest-growl (0.2.9)
    builder (2.1.2)
    columnize (0.3.4)
    diff-lcs (1.1.2)
    geokit (1.6.0)
    git (1.2.5)
    i18n (0.5.0)
    jeweler (1.6.4)
      bundler (~> 1.0)
      git (>= 1.2.5)
      rake
    json (1.5.3)
    linecache (0.46)
      rbx-require-relative (> 0.0.4)
    mime-types (1.16)
    mysql2 (0.2.11)
    rake (0.9.2)
    rbx-require-relative (0.0.5)
    rcov (0.9.9)
    rsolr (1.0.2)
      builder (>= 2.1.2)
    rspec (2.3.0)
      rspec-core (~> 2.3.0)
      rspec-expectations (~> 2.3.0)
      rspec-mocks (~> 2.3.0)
    rspec-core (2.3.1)
    rspec-expectations (2.3.0)
      diff-lcs (~> 1.1.2)
    rspec-mocks (2.3.0)
    ruby-debug (0.10.4)
      columnize (>= 0.1)
      ruby-debug-base (~> 0.10.4.0)
    ruby-debug-base (0.10.4)
      linecache (>= 0.3)
    typhoeus (0.2.4)
      mime-types
      mime-types
    tzinfo (0.3.29)
    will_paginate (2.3.15)

PLATFORMS
  ruby

DEPENDENCIES
  ZenTest (= 4.5.0)
  activerecord (~> 3.0.7)
  activesupport
  autotest
  autotest-growl
  bundler (~> 1.0.0)
  geokit
  i18n
  jeweler (~> 1.6.0)
  json
  mysql2 (~> 0.2.7)
  rcov
  rsolr
  rspec (~> 2.3.0)
  ruby-debug
  typhoeus
  will_paginate
