GEM
  remote: http://rubygems.org/
  specs:
    ZenTest (4.5.0)
    activemodel (3.0.8)
      activesupport (= 3.0.8)
      builder (~> 2.1.2)
      i18n (~> 0.5.0)
    activerecord (3.0.8)
      activemodel (= 3.0.8)
      activesupport (= 3.0.8)
      arel (~> 2.0.10)
      tzinfo (~> 0.3.23)
    activesupport (3.0.8)
    arel (2.0.10)
    autotest (4.4.6)
      ZenTest (>= 4.4.1)
    autotest-growl (0.2.9)
    builder (2.1.2)
    columnize (0.3.2)
    diff-lcs (1.1.2)
    geokit (1.6.0)
    git (1.2.5)
    i18n (0.5.0)
    jeweler (1.6.2)
      bundler (~> 1.0)
      git (>= 1.2.5)
      rake
    linecache (0.43)
    mysql2 (0.2.7)
    rake (0.9.2)
    rcov (0.9.9)
    riddle (1.3.3)
    rsolr (1.0.2)
      builder (>= 2.1.2)
    rspec (2.3.0)
      rspec-core (~> 2.3.0)
      rspec-expectations (~> 2.3.0)
      rspec-mocks (~> 2.3.0)
    rspec-core (2.3.1)
    rspec-expectations (2.3.0)
      diff-lcs (~> 1.1.2)
    rspec-mocks (2.3.0)
    ruby-debug (0.10.4)
      columnize (>= 0.1)
      ruby-debug-base (~> 0.10.4.0)
    ruby-debug-base (0.10.4)
      linecache (>= 0.3)
    thinking-sphinx (2.0.3)
      activerecord (>= 3.0.3)
      riddle (>= 1.2.2)
    tzinfo (0.3.27)

PLATFORMS
  ruby

DEPENDENCIES
  autotest
  autotest-growl
  bundler (~> 1.0.0)
  geokit
  jeweler (~> 1.6.0)
  mysql2 (~> 0.2.7)
  rcov
  rsolr
  rspec (~> 2.3.0)
  ruby-debug
  thinking-sphinx (= 2.0.3)
